GEM
  remote: http://rubygems.org/
  specs:
    coderay (1.0.7)
    diff-lcs (1.1.3)
    librex (0.0.65)
    method_source (0.8)
    msfrpc-client (1.0.1)
      librex (>= 0.0.32)
      msgpack (>= 0.4.5)
    msgpack (0.4.6)
    pry (0.9.10)
      coderay (~> 1.0.5)
      method_source (~> 0.8)
      slop (~> 3.3.1)
    rspec (2.11.0)
      rspec-core (~> 2.11.0)
      rspec-expectations (~> 2.11.0)
      rspec-mocks (~> 2.11.0)
    rspec-core (2.11.1)
    rspec-expectations (2.11.1)
      diff-lcs (~> 1.1.3)
    rspec-mocks (2.11.1)
    slop (3.3.2)

PLATFORMS
  ruby

DEPENDENCIES
  librex
  msfrpc-client
  pry
  rspec
